GEM
  remote: https://rubygems.org/
  specs:
    dotenv (2.6.0)
    eventmachine (1.0.4)
    faye-websocket (0.7.4)
      eventmachine (>= 0.12.0)
      websocket-driver (>= 0.3.1)
    puma (3.6.2)
      rack (>= 1.1, < 2.0)
    rack (1.5.2)
    rack-protection (1.5.0)
      rack
    redis (3.0.4)
    sinatra (1.4.3)
      rack (~> 1.4)
      rack-protection (~> 1.4)
      tilt (~> 1.3, >= 1.3.4)
    tilt (1.4.1)
    websocket-driver (0.3.4)

PLATFORMS
  ruby
  x64-mingw32

DEPENDENCIES
  dotenv
  faye-websocket
  puma
  redis
  sinatra

RUBY VERSION
   ruby 2.3.1p112

BUNDLED WITH
   1.16.0
